GEM
  remote: http://rubygems.org/
  specs:
    actionmailer (3.1.5)
      actionpack (= 3.1.5)
      mail (~> 2.3.3)
    actionpack (3.1.5)
      activemodel (= 3.1.5)
      activesupport (= 3.1.5)
      builder (~> 3.0.0)
      erubis (~> 2.7.0)
      i18n (~> 0.6)
      rack (~> 1.3.6)
      rack-cache (~> 1.2)
      rack-mount (~> 0.8.2)
      rack-test (~> 0.6.1)
      sprockets (~> 2.0.4)
    activemodel (3.1.5)
      activesupport (= 3.1.5)
      builder (~> 3.0.0)
      i18n (~> 0.6)
    activerecord (3.1.5)
      activemodel (= 3.1.5)
      activesupport (= 3.1.5)
      arel (~> 2.2.3)
      tzinfo (~> 0.3.29)
    activeresource (3.1.5)
      activemodel (= 3.1.5)
      activesupport (= 3.1.5)
    activesupport (3.1.5)
      multi_json (>= 1.0, < 1.3)
    addressable (2.2.8)
    ansi (1.4.2)
    arel (2.2.3)
    aws-sdk (1.4.1)
      httparty (~> 0.7)
      json (~> 1.4)
      nokogiri (>= 1.4.4)
      uuidtools (~> 2.1)
    bcrypt-ruby (3.0.1)
    builder (3.0.0)
    client_side_validations (3.1.4)
    cocaine (0.2.1)
    coffee-rails (3.1.1)
      coffee-script (>= 2.2.0)
      railties (~> 3.1.0)
    coffee-script (2.2.0)
      coffee-script-source
      execjs
    coffee-script-source (1.3.3)
    daemons (1.1.8)
    diff-lcs (1.1.3)
    erubis (2.7.0)
    eventmachine (0.12.10)
    excon (0.14.0)
    execjs (1.4.0)
      multi_json (~> 1.0)
    factory_girl (3.3.0)
      activesupport (>= 3.0.0)
    factory_girl_rails (3.3.0)
      factory_girl (~> 3.3.0)
      railties (>= 3.0.0)
    heroku (2.26.6)
      heroku-api (~> 0.2.4)
      launchy (>= 0.3.2)
      netrc (~> 0.7.2)
      rest-client (~> 1.6.1)
      rubyzip
    heroku-api (0.2.4)
      excon (~> 0.14.0)
    hike (1.2.1)
    httparty (0.8.3)
      multi_json (~> 1.0)
      multi_xml
    i18n (0.6.0)
    jquery-rails (1.0.19)
      railties (~> 3.0)
      thor (~> 0.14)
    json (1.7.3)
    launchy (2.1.0)
      addressable (~> 2.2.6)
    mail (2.3.3)
      i18n (>= 0.4.0)
      mime-types (~> 1.16)
      treetop (~> 1.4.8)
    mime-types (1.18)
    multi_json (1.2.0)
    multi_xml (0.5.1)
    netrc (0.7.4)
    nokogiri (1.5.3)
    paperclip (3.0.4)
      activemodel (>= 3.0.0)
      activerecord (>= 3.0.0)
      activesupport (>= 3.0.0)
      cocaine (>= 0.0.2)
      mime-types
    pg (0.13.2)
    polyglot (0.3.3)
    rack (1.3.6)
    rack-cache (1.2)
      rack (>= 0.4)
    rack-mount (0.8.3)
      rack (>= 1.0.0)
    rack-ssl (1.3.2)
      rack
    rack-test (0.6.1)
      rack (>= 1.0)
    rails (3.1.5)
      actionmailer (= 3.1.5)
      actionpack (= 3.1.5)
      activerecord (= 3.1.5)
      activeresource (= 3.1.5)
      activesupport (= 3.1.5)
      bundler (~> 1.0)
      railties (= 3.1.5)
    railties (3.1.5)
      actionpack (= 3.1.5)
      activesupport (= 3.1.5)
      rack-ssl (~> 1.3.2)
      rake (>= 0.8.7)
      rdoc (~> 3.4)
      thor (~> 0.14.6)
    rake (0.9.2.2)
    rdoc (3.12)
      json (~> 1.4)
    rest-client (1.6.7)
      mime-types (>= 1.16)
    rspec (2.6.0)
      rspec-core (~> 2.6.0)
      rspec-expectations (~> 2.6.0)
      rspec-mocks (~> 2.6.0)
    rspec-core (2.6.4)
    rspec-expectations (2.6.0)
      diff-lcs (~> 1.1.2)
    rspec-mocks (2.6.0)
    rspec-rails (2.6.1)
      actionpack (~> 3.0)
      activesupport (~> 3.0)
      railties (~> 3.0)
      rspec (~> 2.6.0)
    rubyzip (0.9.8)
    sass (3.1.19)
    sass-rails (3.1.4)
      actionpack (~> 3.1.0)
      railties (~> 3.1.0)
      sass (>= 3.1.4)
      sprockets (~> 2.0.0)
      tilt (~> 1.3.2)
    spork (0.9.0)
    sprockets (2.0.4)
      hike (~> 1.2)
      rack (~> 1.0)
      tilt (~> 1.1, != 1.3.0)
    thin (1.3.1)
      daemons (>= 1.0.9)
      eventmachine (>= 0.12.6)
      rack (>= 1.0.0)
    thor (0.14.6)
    tilt (1.3.3)
    treetop (1.4.10)
      polyglot
      polyglot (>= 0.3.1)
    turn (0.8.2)
      ansi (>= 1.2.2)
    tzinfo (0.3.33)
    uglifier (1.2.4)
      execjs (>= 0.3.0)
      multi_json (>= 1.0.2)
    uuidtools (2.1.2)
    webrat (0.7.1)
      nokogiri (>= 1.2.0)
      rack (>= 1.0)
      rack-test (>= 0.5.3)

PLATFORMS
  ruby

DEPENDENCIES
  aws-sdk (= 1.4.1)
  bcrypt-ruby (= 3.0.1)
  client_side_validations (= 3.1.4)
  coffee-rails (~> 3.1.1)
  factory_girl_rails (~> 3.0)
  heroku
  jquery-rails
  paperclip (~> 3.0.2)
  pg (= 0.13.2)
  rails (= 3.1.5)
  rest-client (= 1.6.7)
  rspec-rails (= 2.6.1)
  sass-rails (= 3.1.4)
  spork (= 0.9.0)
  thin (= 1.3.1)
  turn (= 0.8.2)
  uglifier (>= 1.0.3)
  webrat (= 0.7.1)
